GEM
  remote: https://rubygems.org/
  specs:
    activesupport (3.2.22.1)
      i18n (~> 0.6, >= 0.6.4)
      multi_json (~> 1.0)
    eaal (0.1.16)
      faraday (>= 0.8.4)
      hpricot (>= 0.6)
      memcache-client (>= 1.7.1)
    eve (2.0.1)
      activesupport (~> 3.2)
      hpricot (= 0.8.2)
    faraday (0.9.2)
      multipart-post (>= 1.2, < 3)
    hpricot (0.8.2)
    i18n (0.7.0)
    memcache-client (1.8.5)
    multi_json (1.11.2)
    multipart-post (2.0.0)
    reve (0.1.3)
      hpricot (>= 0.6)

PLATFORMS
  ruby

DEPENDENCIES
  eaal
  eve
  reve

BUNDLED WITH
   1.11.2
